GEM
  remote: http://rubygems.org/
  specs:
    builder (3.2.0)
    cucumber (1.2.1)
      builder (>= 2.1.2)
      diff-lcs (>= 1.1.3)
      gherkin (~> 2.11.0)
      json (>= 1.4.6)
    diff-lcs (1.2.4)
    double-bag-ftps (0.1.1)
    gherkin (2.11.6)
      json (>= 1.7.6)
    git (1.2.5)
    jeweler (1.8.4)
      bundler (~> 1.0)
      git (>= 1.2.5)
      rake
      rdoc
    json (1.7.7)
    memoizer (1.0.1)
    rake (10.1.0)
    rdoc (4.0.0)
      json (~> 1.4)
    redcarpet (2.2.2)
    rspec (2.14.1)
      rspec-core (~> 2.14.0)
      rspec-expectations (~> 2.14.0)
      rspec-mocks (~> 2.14.0)
    rspec-core (2.14.5)
    rspec-expectations (2.14.2)
      diff-lcs (>= 1.1.3, < 2.0)
    rspec-mocks (2.14.3)
    timecop (0.5.9.2)
    yard (0.8.7.1)

PLATFORMS
  ruby

DEPENDENCIES
  cucumber
  double-bag-ftps
  jeweler
  memoizer (~> 1.0.1)
  rake
  redcarpet
  rspec
  timecop
  yard
