PATH
  remote: .
  specs:
    ftpd (2.0.3)
      memoizer (~> 1.0)

GEM
  remote: https://rubygems.org/
  specs:
    builder (3.2.2)
    cucumber (2.4.0)
      builder (>= 2.1.2)
      cucumber-core (~> 1.5.0)
      cucumber-wire (~> 0.0.1)
      diff-lcs (>= 1.1.3)
      gherkin (~> 4.0)
      multi_json (>= 1.7.5, < 2.0)
      multi_test (>= 0.1.2)
    cucumber-core (1.5.0)
      gherkin (~> 4.0)
    cucumber-wire (0.0.1)
    diff-lcs (1.2.5)
    double-bag-ftps (0.1.4)
    gherkin (4.0.0)
    memoizer (1.0.3)
    multi_json (1.12.1)
    multi_test (0.1.2)
    rake (11.3.0)
    redcarpet (3.3.4)
    rspec (3.4.0)
      rspec-core (~> 3.4.0)
      rspec-expectations (~> 3.4.0)
      rspec-mocks (~> 3.4.0)
    rspec-core (3.4.4)
      rspec-support (~> 3.4.0)
    rspec-expectations (3.4.0)
      diff-lcs (>= 1.2.0, < 2.0)
      rspec-support (~> 3.4.0)
    rspec-its (1.2.0)
      rspec-core (>= 3.0.0)
      rspec-expectations (>= 3.0.0)
    rspec-mocks (3.4.1)
      diff-lcs (>= 1.2.0, < 2.0)
      rspec-support (~> 3.4.0)
    rspec-support (3.4.1)
    timecop (0.8.1)
    yard (0.8.7.6)

PLATFORMS
  ruby

DEPENDENCIES
  cucumber (~> 2.0)
  double-bag-ftps (~> 0.1, >= 0.1.4)
  ftpd!
  rake (~> 11.1)
  redcarpet (~> 3.1)
  rspec (~> 3.1)
  rspec-its (~> 1.0)
  timecop (~> 0.7)
  yard (~> 0.8.7)

BUNDLED WITH
   1.15.2
